STORAGE: NONE
RESTRICTION: || (== net462) (== netcoreapp3.1) (== netstandard2.0) (== netstandard2.1)
NUGET
  remote: https://api.nuget.org/v3/index.json
    FParsec (1.1.1)
      FSharp.Core (>= 4.3.4)
      System.ValueTuple (>= 4.4) - restriction: || (== net462) (&& (== netcoreapp3.1) (>= net45)) (&& (== netstandard2.0) (>= net45)) (&& (== netstandard2.1) (>= net45))
    FSharp.Core (4.7.2)
    System.Reflection.Emit.ILGeneration (4.7) - restriction: || (&& (== net462) (== netcoreapp3.1)) (&& (== net462) (== netstandard2.1)) (&& (== net462) (< net45) (>= netstandard2.0)) (&& (== net462) (>= netstandard2.0) (< portable-net45+wp8)) (&& (== net462) (>= netstandard2.0) (>= uap10.1)) (&& (== net462) (>= netstandard2.0) (>= wpa81)) (&& (== netcoreapp3.1) (< netcoreapp2.0) (< netstandard2.1)) (&& (== netcoreapp3.1) (< netstandard2.0)) (&& (== netcoreapp3.1) (< portable-net45+wp8)) (&& (== netcoreapp3.1) (>= uap10.1)) (== netstandard2.0) (&& (== netstandard2.1) (< netstandard2.0)) (&& (== netstandard2.1) (< portable-net45+wp8)) (&& (== netstandard2.1) (>= uap10.1))
    System.Reflection.Emit.Lightweight (4.7) - restriction: || (&& (== net462) (< net45) (>= netstandard2.0)) (== netcoreapp3.1) (== netstandard2.0) (== netstandard2.1)
      System.Reflection.Emit.ILGeneration (>= 4.7) - restriction: || (&& (== net462) (< net45)) (&& (== net462) (< portable-net45+wp8)) (&& (== net462) (>= uap10.1)) (&& (== net462) (>= wpa81)) (&& (== netcoreapp3.1) (< netcoreapp2.0) (< netstandard2.1)) (&& (== netcoreapp3.1) (< netstandard2.0)) (&& (== netcoreapp3.1) (< portable-net45+wp8)) (&& (== netcoreapp3.1) (>= uap10.1)) (== netstandard2.0) (&& (== netstandard2.1) (< netstandard2.0)) (&& (== netstandard2.1) (< portable-net45+wp8)) (&& (== netstandard2.1) (>= uap10.1))
    System.ValueTuple (4.5) - restriction: || (== net462) (&& (== netcoreapp3.1) (>= net45)) (&& (== netstandard2.0) (>= net45)) (&& (== netstandard2.1) (>= net45))
    TypeShape (8.0.1)
      FSharp.Core (>= 3.1.2) - restriction: || (== net462) (&& (== netcoreapp3.1) (>= net45)) (&& (== netstandard2.0) (>= net45)) (&& (== netstandard2.1) (>= net45))
      FSharp.Core (>= 4.3.4) - restriction: || (&& (== net462) (< net45) (>= netstandard2.0)) (== netcoreapp3.1) (== netstandard2.0) (== netstandard2.1)
      System.Reflection.Emit.Lightweight (>= 4.3) - restriction: || (&& (== net462) (< net45) (>= netstandard2.0)) (== netcoreapp3.1) (== netstandard2.0) (== netstandard2.1)

GROUP netcore
CONDITION: NETCORE
RESTRICTION: == netcoreapp3.1
NUGET
  remote: https://api.nuget.org/v3/index.json
    Expecto (9.0.2)
      FSharp.Core (>= 4.6)
      Mono.Cecil (>= 0.11.2)
    FParsec (1.1.1)
      FSharp.Core (>= 4.3.4)
    FSharp.Core (5.0)
    Microsoft.CodeCoverage (16.8)
    Microsoft.NET.Test.Sdk (16.8)
      Microsoft.CodeCoverage (>= 16.8)
      Microsoft.TestPlatform.TestHost (>= 16.8)
    Microsoft.TestPlatform.ObjectModel (16.8)
      NuGet.Frameworks (>= 5.0)
    Microsoft.TestPlatform.TestHost (16.8)
      Microsoft.TestPlatform.ObjectModel (>= 16.8)
      Newtonsoft.Json (>= 9.0.1)
    Mono.Cecil (0.11.3)
    Newtonsoft.Json (12.0.3)
    NuGet.Frameworks (5.8)
    System.Collections.Immutable (1.7.1)
    YoloDev.Expecto.TestSdk (0.9.2)
      Expecto (>= 9.0 < 10.0)
      FSharp.Core (>= 4.6)
      System.Collections.Immutable (>= 1.5 < 2.0)

GROUP netfx
CONDITION: NETFX
RESTRICTION: == net462
NUGET
  remote: https://api.nuget.org/v3/index.json
    Expecto (8.9.1)
      FSharp.Core (>= 4.3.4)
      Mono.Cecil (>= 0.10.3)
    Expecto.VisualStudio.TestAdapter (10.0.2)
      Expecto (>= 8.0 < 9.0)
      FSharp.Core (>= 4.0 < 5.0)
      Microsoft.TestPlatform.ObjectModel (>= 15.0 < 16.0)
      Mono.Cecil (>= 0.10 < 0.11)
      Newtonsoft.Json (>= 11.0.2 < 12.0)
    FParsec (1.1.1)
      FSharp.Core (>= 4.3.4)
      System.ValueTuple (>= 4.4)
    FSharp.Core (4.7.2)
    Microsoft.CodeCoverage (16.8)
    Microsoft.NET.Test.Sdk (16.8)
      Microsoft.CodeCoverage (>= 16.8)
    Microsoft.TestPlatform.ObjectModel (15.9.2)
      System.Reflection.Metadata (>= 1.3)
      System.Runtime.InteropServices.RuntimeInformation (>= 4.3)
    Mono.Cecil (0.10.4)
    Newtonsoft.Json (11.0.2)
    System.Buffers (4.5.1)
    System.Collections.Immutable (5.0)
      System.Memory (>= 4.5.4)
    System.Memory (4.5.4)
      System.Buffers (>= 4.5.1)
      System.Numerics.Vectors (>= 4.5)
      System.Runtime.CompilerServices.Unsafe (>= 4.5.3)
    System.Numerics.Vectors (4.5)
    System.Reflection.Metadata (5.0)
      System.Collections.Immutable (>= 5.0)
    System.Runtime.CompilerServices.Unsafe (5.0)
    System.Runtime.InteropServices.RuntimeInformation (4.3)
    System.ValueTuple (4.5)
